GEM
  remote: https://rubygems.org/
  specs:
    awesome_print (1.6.1)
    couchrest (1.2.0)
      mime-types (~> 1.15)
      multi_json (~> 1.0)
      multi_json (~> 1.0)
      multi_json (~> 1.0)
      multi_json (~> 1.0)
      multi_json (~> 1.0)
      multi_json (~> 1.0)
      multi_json (~> 1.0)
      multi_json (~> 1.0)
      multi_json (~> 1.0)
      multi_json (~> 1.0)
      multi_json (~> 1.0)
      multi_json (~> 1.0)
      multi_json (~> 1.0)
      multi_json (~> 1.0)
      multi_json (~> 1.0)
      multi_json (~> 1.0)
      multi_json (~> 1.0)
      multi_json (~> 1.0)
      multi_json (~> 1.0)
      multi_json (~> 1.0)
      multi_json (~> 1.0)
      multi_json (~> 1.0)
      multi_json (~> 1.0)
      multi_json (~> 1.0)
      multi_json (~> 1.0)
      multi_json (~> 1.0)
      multi_json (~> 1.0)
      multi_json (~> 1.0)
      multi_json (~> 1.0)
      multi_json (~> 1.0)
      multi_json (~> 1.0)
      multi_json (~> 1.0)
      multi_json (~> 1.0)
      multi_json (~> 1.0)
      multi_json (~> 1.0)
      multi_json (~> 1.0)
      multi_json (~> 1.0)
      multi_json (~> 1.0)
      multi_json (~> 1.0)
      multi_json (~> 1.0)
      multi_json (~> 1.0)
      multi_json (~> 1.0)
      multi_json (~> 1.0)
      multi_json (~> 1.0)
      multi_json (~> 1.0)
      multi_json (~> 1.0)
      multi_json (~> 1.0)
      multi_json (~> 1.0)
      multi_json (~> 1.0)
      multi_json (~> 1.0)
      multi_json (~> 1.0)
      multi_json (~> 1.0)
      multi_json (~> 1.0)
      multi_json (~> 1.0)
      multi_json (~> 1.0)
      multi_json (~> 1.0)
      multi_json (~> 1.0)
      multi_json (~> 1.0)
      multi_json (~> 1.0)
      multi_json (~> 1.0)
      multi_json (~> 1.0)
      multi_json (~> 1.0)
      multi_json (~> 1.0)
      multi_json (~> 1.0)
      multi_json (~> 1.0)
      multi_json (~> 1.0)
      multi_json (~> 1.0)
      multi_json (~> 1.0)
      multi_json (~> 1.0)
      multi_json (~> 1.0)
      multi_json (~> 1.0)
      multi_json (~> 1.0)
      multi_json (~> 1.0)
      multi_json (~> 1.0)
      multi_json (~> 1.0)
      multi_json (~> 1.0)
      multi_json (~> 1.0)
      multi_json (~> 1.0)
      multi_json (~> 1.0)
      multi_json (~> 1.0)
      multi_json (~> 1.0)
      multi_json (~> 1.0)
      multi_json (~> 1.0)
      multi_json (~> 1.0)
      multi_json (~> 1.0)
      multi_json (~> 1.0)
      multi_json (~> 1.0)
      multi_json (~> 1.0)
      multi_json (~> 1.0)
      multi_json (~> 1.0)
      multi_json (~> 1.0)
      multi_json (~> 1.0)
      multi_json (~> 1.0)
      multi_json (~> 1.0)
      multi_json (~> 1.0)
      multi_json (~> 1.0)
      multi_json (~> 1.0)
      multi_json (~> 1.0)
      multi_json (~> 1.0)
      multi_json (~> 1.0)
      multi_json (~> 1.0)
      multi_json (~> 1.0)
      multi_json (~> 1.0)
      multi_json (~> 1.0)
      multi_json (~> 1.0)
      multi_json (~> 1.0)
      multi_json (~> 1.0)
      multi_json (~> 1.0)
      multi_json (~> 1.0)
      multi_json (~> 1.0)
      multi_json (~> 1.0)
      multi_json (~> 1.0)
      multi_json (~> 1.0)
      multi_json (~> 1.0)
      multi_json (~> 1.0)
      multi_json (~> 1.0)
      multi_json (~> 1.0)
      multi_json (~> 1.0)
      multi_json (~> 1.0)
      multi_json (~> 1.0)
      multi_json (~> 1.0)
      multi_json (~> 1.0)
      multi_json (~> 1.0)
      multi_json (~> 1.0)
      multi_json (~> 1.0)
      multi_json (~> 1.0)
      multi_json (~> 1.0)
      multi_json (~> 1.0)
      multi_json (~> 1.0)
      multi_json (~> 1.0)
      multi_json (~> 1.0)
      multi_json (~> 1.0)
      multi_json (~> 1.0)
      multi_json (~> 1.0)
      multi_json (~> 1.0)
      multi_json (~> 1.0)
      multi_json (~> 1.0)
      multi_json (~> 1.0)
      multi_json (~> 1.0)
      multi_json (~> 1.0)
      multi_json (~> 1.0)
      multi_json (~> 1.0)
      multi_json (~> 1.0)
      multi_json (~> 1.0)
      multi_json (~> 1.0)
      multi_json (~> 1.0)
      multi_json (~> 1.0)
      multi_json (~> 1.0)
      multi_json (~> 1.0)
      multi_json (~> 1.0)
      multi_json (~> 1.0)
      multi_json (~> 1.0)
      multi_json (~> 1.0)
      multi_json (~> 1.0)
      multi_json (~> 1.0)
      multi_json (~> 1.0)
      multi_json (~> 1.0)
      multi_json (~> 1.0)
      multi_json (~> 1.0)
      multi_json (~> 1.0)
      multi_json (~> 1.0)
      multi_json (~> 1.0)
      multi_json (~> 1.0)
      multi_json (~> 1.0)
      multi_json (~> 1.0)
      multi_json (~> 1.0)
      multi_json (~> 1.0)
      multi_json (~> 1.0)
      multi_json (~> 1.0)
      multi_json (~> 1.0)
      rest-client (~> 1.6.1)
    json (1.8.2)
    mime-types (1.25.1)
    multi_json (1.10.1)
    rdoc (4.2.0)
      json (~> 1.4)
    rest-client (1.6.8)
      mime-types (~> 1.16)
      rdoc (>= 2.4.2)

PLATFORMS
  ruby

DEPENDENCIES
  awesome_print
  couchrest
